GEM
  remote: https://rubygems.org/
  specs:
    addressable (2.6.0)
      public_suffix (>= 2.0.2, < 4.0)
    chunky_png (1.3.10)
    crack (0.4.3)
      safe_yaml (~> 1.0.0)
    diff-lcs (1.3)
    docile (1.3.1)
    dotenv (2.5.0)
    hashdiff (0.3.8)
    json (2.1.0)
    mock_redis (0.19.0)
    public_suffix (3.0.3)
    rack (2.0.6)
    redis (4.0.2)
    rqrcode (0.10.1)
      chunky_png (~> 1.0)
    rqrcode_png (0.1.5)
      chunky_png
      rqrcode
    rspec (3.8.0)
      rspec-core (~> 3.8.0)
      rspec-expectations (~> 3.8.0)
      rspec-mocks (~> 3.8.0)
    rspec-core (3.8.0)
      rspec-support (~> 3.8.0)
    rspec-expectations (3.8.2)
      diff-lcs (>= 1.2.0, < 2.0)
      rspec-support (~> 3.8.0)
    rspec-mocks (3.8.0)
      diff-lcs (>= 1.2.0, < 2.0)
      rspec-support (~> 3.8.0)
    rspec-support (3.8.0)
    safe_yaml (1.0.4)
    simplecov (0.16.1)
      docile (~> 1.1)
      json (>= 1.8, < 3)
      simplecov-html (~> 0.10.0)
    simplecov-html (0.10.2)
    vcr (4.0.0)
    webmock (3.5.1)
      addressable (>= 2.3.6)
      crack (>= 0.3.2)
      hashdiff

PLATFORMS
  ruby

DEPENDENCIES
  dotenv (~> 2.5.0)
  mock_redis (~> 0.19.0)
  rack (~> 2.0.0)
  redis (~> 4.0.0)
  rqrcode_png (~> 0.1.0)
  rspec (~> 3.8.0)
  simplecov (~> 0.16.0)
  vcr (~> 4.0.0)
  webmock (~> 3.5.0)

RUBY VERSION
   ruby 2.5.1p57

BUNDLED WITH
   1.16.3
