GEM
  remote: https://rubygems.org/
  specs:
    chunky_png (1.3.10)
    diff-lcs (1.3)
    dotenv (2.5.0)
    rack (2.0.6)
    redis (4.0.2)
    rqrcode (0.10.1)
      chunky_png (~> 1.0)
    rqrcode_png (0.1.5)
      chunky_png
      rqrcode
    rspec (3.8.0)
      rspec-core (~> 3.8.0)
      rspec-expectations (~> 3.8.0)
      rspec-mocks (~> 3.8.0)
    rspec-core (3.8.0)
      rspec-support (~> 3.8.0)
    rspec-expectations (3.8.2)
      diff-lcs (>= 1.2.0, < 2.0)
      rspec-support (~> 3.8.0)
    rspec-mocks (3.8.0)
      diff-lcs (>= 1.2.0, < 2.0)
      rspec-support (~> 3.8.0)
    rspec-support (3.8.0)

PLATFORMS
  ruby

DEPENDENCIES
  dotenv (~> 2.5.0)
  rack (~> 2.0.0)
  redis (~> 4.0.0)
  rqrcode_png (~> 0.1.0)
  rspec (~> 3.8.0)

RUBY VERSION
   ruby 2.5.1p57

BUNDLED WITH
   1.16.3
