GEM
  remote: https://rubygems.org/
  specs:
    chunky_png (1.3.10)
    dotenv (2.5.0)
    rack (2.0.6)
    redis (4.0.2)
    rqrcode (0.10.1)
      chunky_png (~> 1.0)
    rqrcode_png (0.1.5)
      chunky_png
      rqrcode

PLATFORMS
  ruby

DEPENDENCIES
  dotenv
  rack
  redis
  rqrcode_png

RUBY VERSION
   ruby 2.5.1p57

BUNDLED WITH
   1.16.3
